GEM
  remote: https://rubygems.org/
  specs:
    ffi (1.15.5)
    graphviz (1.2.1)
      process-pipeline
    json (2.6.2)
    minitest (5.16.3)
    process-group (1.2.4)
      process-terminal (~> 0.2.0)
    process-pipeline (1.0.2)
      process-group
    process-terminal (0.2.0)
      ffi
    rake (13.0.6)
    sqlite3 (1.4.4)

PLATFORMS
  arm64-darwin-21

DEPENDENCIES
  graphviz
  json
  minitest
  rake
  sqlite3

BUNDLED WITH
   2.3.20
