GEM
  remote: https://rubygems.org/
  specs:
    array_include_methods (1.4.0)
    chunky_png (1.4.0)
    color (1.8)
    equalizer (0.0.11)
    facets (3.1.0)
    ffi (1.15.5)
    glimmer (2.7.3)
      array_include_methods (~> 1.4.0)
      facets (>= 3.1.0, < 4.0.0)
    glimmer-dsl-libui (0.5.22)
      chunky_png (~> 1.4.0)
      color (~> 1.8)
      equalizer (= 0.0.11)
      glimmer (~> 2.7.3)
      libui (~> 0.0.15)
      os (>= 1.0.0, < 2.0.0)
      perfect-shape (~> 1.0.5)
      rouge (>= 3.26.0, < 4.0.0)
      super_module (~> 1.4.1)
    graphviz (1.2.1)
      process-pipeline
    json (2.6.2)
    libui (0.0.15)
    matrix (0.4.2)
    method_source (1.0.0)
    minitest (5.16.3)
    os (1.1.4)
    perfect-shape (1.0.5)
      equalizer (>= 0.0.11, < 1.1.0)
      matrix (>= 0.4.2, < 1.1.0)
    process-group (1.2.4)
      process-terminal (~> 0.2.0)
    process-pipeline (1.0.2)
      process-group
    process-terminal (0.2.0)
      ffi
    rake (13.0.6)
    rouge (3.30.0)
    sqlite3 (1.4.4)
    super_module (1.4.1)
      method_source (>= 0.8.2, < 1.1.0)

PLATFORMS
  arm64-darwin-21

DEPENDENCIES
  glimmer-dsl-libui
  graphviz
  json
  minitest
  rake
  sqlite3

BUNDLED WITH
   2.3.20
